STORAGE: PACKAGES
RESTRICTION: || (== net7.0) (== netstandard2.0) (== netstandard2.1)
NUGET
  remote: https://api.nuget.org/v3/index.json
    Fparsec (1.1.1)
      FSharp.Core (>= 4.3.4)
    FSharp.Core (7.0.400)
